GEM
  remote: https://rubygems.org/
  specs:
    erubi (1.13.0)
    minitest (5.24.1)
    netrc (0.11.0)
    parallel (1.25.1)
    prism (0.30.0)
    rbi (0.1.13)
      prism (>= 0.18.0, < 1.0.0)
      sorbet-runtime (>= 0.5.9204)
    sorbet (0.5.11473)
      sorbet-static (= 0.5.11473)
    sorbet-runtime (0.5.11473)
    sorbet-static (0.5.11473-aarch64-linux)
    sorbet-static (0.5.11473-universal-darwin)
    sorbet-static-and-runtime (0.5.11473)
      sorbet (= 0.5.11473)
      sorbet-runtime (= 0.5.11473)
    spoom (1.3.2)
      erubi (>= 1.10.0)
      prism (>= 0.19.0)
      sorbet-static-and-runtime (>= 0.5.10187)
      thor (>= 0.19.2)
    tapioca (0.15.0)
      bundler (>= 2.2.25)
      netrc (>= 0.11.0)
      parallel (>= 1.21.0)
      rbi (>= 0.1.4, < 0.2)
      sorbet-static-and-runtime (>= 0.5.11087)
      spoom (>= 1.2.0)
      thor (>= 1.2.0)
      yard-sorbet
    thor (1.3.1)
    yard (0.9.36)
    yard-sorbet (0.9.0)
      sorbet-runtime
      yard

PLATFORMS
  aarch64-linux
  arm64-darwin-23

DEPENDENCIES
  minitest
  sorbet
  sorbet-runtime
  tapioca

RUBY VERSION
   ruby 3.3.3p89

BUNDLED WITH
   2.5.14
